PATH
  remote: .
  specs:
    jammit-s3 (0.5.3.1)
      jammit (>= 0.5.3)
      mimemagic (>= 0.1.7)
      s3 (>= 0.3.4)

GEM
  remote: http://rubygems.org/
  specs:
    closure-compiler (0.3.3)
    columnize (0.3.1)
    diff-lcs (1.1.2)
    jammit (0.5.3)
      closure-compiler (>= 0.1.0)
      yui-compressor (>= 0.9.1)
    linecache (0.43)
    mimemagic (0.1.7)
    proxies (0.2.1)
    rake (0.8.7)
    rspec (2.0.0.beta.22)
      rspec-core (= 2.0.0.beta.22)
      rspec-expectations (= 2.0.0.beta.22)
      rspec-mocks (= 2.0.0.beta.22)
    rspec-core (2.0.0.beta.22)
    rspec-expectations (2.0.0.beta.22)
      diff-lcs (>= 1.1.2)
    rspec-mocks (2.0.0.beta.22)
      rspec-core (= 2.0.0.beta.22)
      rspec-expectations (= 2.0.0.beta.22)
    ruby-debug (0.10.3)
      columnize (>= 0.1)
      ruby-debug-base (~> 0.10.3.0)
    ruby-debug-base (0.10.3)
      linecache (>= 0.3)
    s3 (0.3.4)
      proxies
    yui-compressor (0.9.1)

PLATFORMS
  ruby

DEPENDENCIES
  jammit (>= 0.5.3)
  jammit-s3!
  mimemagic (>= 0.1.7)
  rake
  rspec (>= 2.0.0.beta)
  ruby-debug
  s3 (>= 0.3.4)
